GEM
  remote: https://rubygems.org/
  specs:
    args_parser (0.2.0)
    ffi (1.9.25)
    narray (0.6.1.2)
    narray_ffi (1.4.3)
      ffi (~> 1.9, >= 1.9.3)
      narray (~> 0.6, >= 0.6.0.8)
    opencl_ruby_ffi (1.3.4)
      ffi (~> 1.9, >= 1.9.3)
      narray (~> 0.6, >= 0.6.0.8)
      narray_ffi (~> 1.0, >= 1.0.0)

PLATFORMS
  ruby

DEPENDENCIES
  args_parser (~> 0.2.0)
  narray_ffi (~> 1.4, >= 1.4.3)
  opencl_ruby_ffi (~> 1.3, >= 1.3.4)

RUBY VERSION
   ruby 2.5.1p57

BUNDLED WITH
   1.16.2
